GEM
  remote: http://rubygems.org/
  specs:
    coderay (1.0.6)
    method_source (0.7.1)
    pry (0.9.9.4)
      coderay (~> 1.0.5)
      method_source (~> 0.7.1)
      slop (>= 2.4.4, < 3)
    pry (0.9.9.4-java)
      coderay (~> 1.0.5)
      method_source (~> 0.7.1)
      slop (>= 2.4.4, < 3)
      spoon (~> 0.0)
    slop (2.4.4)
    spoon (0.0.1)

PLATFORMS
  java
  ruby

DEPENDENCIES
  bundler
  pry
